GIT
  remote: git://github.com/ruby-opencv/ruby-opencv.git
  revision: f017d0cd652bd6f4c9ad6531ce9cdd9ade0fbd24
  specs:
    ruby-opencv (0.0.9.pre.20130324195100)

GEM
  remote: https://rubygems.org/
  specs:
    backports (3.3.0)
    celluloid (0.12.4)
      facter (>= 1.6.12)
      timers (>= 1.0.0)
    connection_pool (1.0.0)
    dotenv (0.7.0)
    eventmachine (1.0.3)
    facter (1.7.0)
    foreman (0.63.0)
      dotenv (>= 0.7)
      thor (>= 0.13.6)
    json (1.7.7)
    multi_json (1.7.2)
    nokogiri (1.5.6)
    puma (1.6.3)
      rack (~> 1.2)
    pusher (0.11.3)
      multi_json (~> 1.0)
      signature (~> 0.1.6)
    rack (1.5.2)
    rack-protection (1.5.0)
      rack
    rack-test (0.6.2)
      rack (>= 1.0)
    redis (3.0.3)
    redis-namespace (1.2.1)
      redis (~> 3.0.0)
    rmagick (2.13.1)
    sidekiq (2.10.1)
      celluloid (~> 0.12.0)
      connection_pool (~> 1.0)
      multi_json (~> 1)
      redis (~> 3)
      redis-namespace
    signature (0.1.6)
    sinatra (1.4.2)
      rack (~> 1.5, >= 1.5.2)
      rack-protection (~> 1.4)
      tilt (~> 1.3, >= 1.3.4)
    sinatra-contrib (1.4.0)
      backports (>= 2.0)
      eventmachine
      rack-protection
      rack-test
      sinatra (~> 1.4.2)
      tilt (~> 1.3)
    thor (0.18.1)
    tilt (1.3.7)
    timers (1.1.0)

PLATFORMS
  ruby

DEPENDENCIES
  foreman
  json
  nokogiri
  puma
  pusher
  rmagick
  ruby-opencv!
  sidekiq
  sinatra
  sinatra-contrib
